GEM
  remote: http://rubygems.org/
  specs:
    chunky_png (1.2.0)
    compass (0.11.5)
      chunky_png (~> 1.2)
      fssm (>= 0.2.7)
      sass (~> 3.1)
    css_parser (1.1.9)
    fssm (0.2.7)
    rake (0.9.2)
    sass (3.1.5)

PLATFORMS
  ruby

DEPENDENCIES
  compass (~> 0.11.5)
  css_parser (~> 1.1.9)
  rake
  sass (~> 3.1.5)
